GIT
  remote: https://github.com/octopress/genesis-theme.git
  revision: ee69a01cea5db5d6f295ef9419f0e53f86cd5f0b
  ref: ee69a01cea
  specs:
    octopress-genesis-theme (0.0.3)
      octopress-abort-tag (~> 1.0)
      octopress-assign-tag (~> 1.0)
      octopress-autoprefixer (~> 1.0)
      octopress-comment-tag (~> 1.0)
      octopress-content-for (~> 1.0)
      octopress-date-format (~> 2.0)
      octopress-filter-tag (~> 1.0)
      octopress-ink
      octopress-linkblog (~> 1.0)
      octopress-return-tag (~> 1.0)
      octopress-wrap-tag (~> 1.0)

GEM
  remote: https://rubygems.org/
  specs:
    RedCloth (4.2.9)
    activesupport (4.1.7)
      i18n (~> 0.6, >= 0.6.9)
      json (~> 1.7, >= 1.7.7)
      minitest (~> 5.1)
      thread_safe (~> 0.1)
      tzinfo (~> 1.1)
    addressable (2.3.6)
    autoprefixer-rails (2.2.0.20140804)
      execjs
    backports (3.6.4)
    blankslate (2.1.2.4)
    celluloid (0.16.0)
      timers (~> 4.0.0)
    classifier-reborn (2.0.2)
      fast-stemmer (~> 1.0)
    coderay (1.1.0)
    coffee-script (2.3.0)
      coffee-script-source
      execjs
    coffee-script-source (1.8.0)
    colorator (0.1)
    ethon (0.7.1)
      ffi (>= 1.3.0)
    execjs (2.2.2)
    faraday (0.9.0)
      multipart-post (>= 1.2, < 3)
    faraday_middleware (0.9.1)
      faraday (>= 0.7.4, < 0.10)
    fast-stemmer (1.0.2)
    ffi (1.9.6)
    ffi (1.9.6-x64-mingw32)
    gemoji (2.1.0)
    gh (0.13.2)
      addressable
      backports
      faraday (~> 0.8)
      multi_json (~> 1.0)
      net-http-persistent (>= 2.7)
      net-http-pipeline
    github-pages (29)
      RedCloth (= 4.2.9)
      github-pages-health-check (~> 0.1)
      jekyll (= 2.4.0)
      jekyll-coffeescript (= 1.0.0)
      jekyll-mentions (= 0.1.3)
      jekyll-redirect-from (= 0.6.2)
      jekyll-sass-converter (= 1.2.0)
      jekyll-sitemap (= 0.6.0)
      jemoji (= 0.3.0)
      kramdown (= 1.3.1)
      liquid (= 2.6.1)
      maruku (= 0.7.0)
      mercenary (~> 0.3)
      pygments.rb (= 0.6.0)
      rdiscount (= 2.1.7)
      redcarpet (= 3.1.2)
      terminal-table (~> 1.4)
    github-pages-health-check (0.1.1)
      net-dns (~> 0.6)
      public_suffix (~> 1.4)
    highline (1.6.21)
    hitimes (1.2.2)
    html-pipeline (1.9.0)
      activesupport (>= 2)
      nokogiri (~> 1.4)
    i18n (0.6.11)
    jekyll (2.4.0)
      classifier-reborn (~> 2.0)
      colorator (~> 0.1)
      jekyll-coffeescript (~> 1.0)
      jekyll-gist (~> 1.0)
      jekyll-paginate (~> 1.0)
      jekyll-sass-converter (~> 1.0)
      jekyll-watch (~> 1.1)
      kramdown (~> 1.3)
      liquid (~> 2.6.1)
      mercenary (~> 0.3.3)
      pygments.rb (~> 0.6.0)
      redcarpet (~> 3.1)
      safe_yaml (~> 1.0)
      toml (~> 0.1.0)
    jekyll-coffeescript (1.0.0)
      coffee-script (~> 2.2)
    jekyll-gist (1.1.0)
    jekyll-mentions (0.1.3)
      html-pipeline (~> 1.9.0)
      jekyll (~> 2.0)
    jekyll-paginate (1.1.0)
    jekyll-redirect-from (0.6.2)
      jekyll (~> 2.0)
    jekyll-sass-converter (1.2.0)
      sass (~> 3.2)
    jekyll-sitemap (0.6.0)
    jekyll-watch (1.1.2)
      listen (~> 2.7)
    jemoji (0.3.0)
      gemoji (~> 2.0)
      html-pipeline (~> 1.9)
      jekyll (~> 2.0)
    json (1.8.1)
    kramdown (1.3.1)
    launchy (2.4.3)
      addressable (~> 2.3)
    liquid (2.6.1)
    listen (2.8.0)
      celluloid (>= 0.15.2)
      rb-fsevent (>= 0.9.3)
      rb-inotify (>= 0.9)
    maruku (0.7.0)
    mercenary (0.3.5)
    method_source (0.8.2)
    mini_portile (0.6.1)
    minitest (5.4.3)
    multi_json (1.10.1)
    multipart-post (2.0.0)
    net-dns (0.8.0)
    net-http-persistent (2.9.4)
    net-http-pipeline (1.0.1)
    nokogiri (1.6.4.1)
      mini_portile (~> 0.6.0)
    nokogiri (1.6.4.1-x64-mingw32)
      mini_portile (~> 0.6.0)
    octopress (3.0.0.rc.15)
      jekyll (~> 2.0)
      mercenary (~> 0.3.2)
      octopress-deploy
      octopress-docs
      titlecase
    octopress-abort-tag (1.0.0)
      jekyll (~> 2.0)
      octopress-tag-helpers (~> 1.0)
    octopress-assign-tag (1.0.0)
      jekyll (~> 2.0)
      octopress-tag-helpers (~> 1.0)
    octopress-autoprefixer (1.0.0)
      autoprefixer-rails (~> 2.2)
      jekyll (~> 2.0)
      octopress-hooks (~> 2.0)
    octopress-comment-tag (1.0.0)
      jekyll
    octopress-content-for (1.0.1)
      jekyll (~> 2.0)
      octopress-tag-helpers (~> 1.0)
    octopress-date-format (2.0.2)
      jekyll (~> 2.0)
      octopress-hooks (~> 2.0)
    octopress-deploy (1.0.0)
      colorator
      octopress-docs
    octopress-docs (0.0.9)
      jekyll (~> 2.0)
      octopress-escape-code (~> 1.0)
      octopress-hooks (~> 2.0)
    octopress-escape-code (1.0.2)
      octopress-hooks (~> 2.0)
    octopress-filter-tag (1.0.0)
      jekyll
      octopress-tag-helpers (~> 1.0)
    octopress-filters (1.2.0)
      jekyll
      octopress-hooks (~> 2.0)
      rubypants-unicode
      titlecase
    octopress-hooks (2.2.1)
      jekyll (~> 2.0)
    octopress-include-tag (1.0.0)
      jekyll (~> 2.0)
      octopress-tag-helpers (~> 1.0)
    octopress-ink (1.0.0.rc.18)
      jekyll (~> 2.0)
      octopress (~> 3.0.0.rc)
      octopress-docs
      octopress-filters (~> 1.1)
      octopress-hooks (~> 2.2)
      octopress-include-tag (~> 1.0)
      uglifier (~> 2.5)
    octopress-linkblog (1.2.0)
      octopress-hooks (~> 2.1)
      titlecase
    octopress-render-tag (1.0.3)
      jekyll (~> 2.0)
      octopress-tag-helpers (~> 1.0)
    octopress-return-tag (1.0.0)
      jekyll
      octopress-tag-helpers (~> 1.0)
    octopress-tag-helpers (1.0.2)
      jekyll (~> 2.0)
    octopress-wrap-tag (1.0.0)
      jekyll (~> 2.0)
      octopress-content-for (~> 1.0)
      octopress-include-tag (~> 1.0)
      octopress-render-tag (~> 1.0)
      octopress-tag-helpers (~> 1.0)
    parslet (1.5.0)
      blankslate (~> 2.0)
    posix-spawn (0.3.9)
    pry (0.9.12.6)
      coderay (~> 1.0)
      method_source (~> 0.8)
      slop (~> 3.4)
    public_suffix (1.4.6)
    pusher-client (0.6.0)
      json
      websocket (~> 1.0)
    pygments.rb (0.6.0)
      posix-spawn (~> 0.3.6)
      yajl-ruby (~> 1.1.0)
    rb-fsevent (0.9.4)
    rb-inotify (0.9.5)
      ffi (>= 0.5.0)
    rdiscount (2.1.7)
    redcarpet (3.1.2)
    rubypants-unicode (0.2.5)
    safe_yaml (1.0.4)
    sass (3.4.8)
    slop (3.6.0)
    terminal-table (1.4.5)
    thread_safe (0.3.4)
    timers (4.0.1)
      hitimes
    titlecase (0.1.1)
    toml (0.1.2)
      parslet (~> 1.5.0)
    travis (1.7.4)
      addressable (~> 2.3)
      backports
      faraday (~> 0.9)
      faraday_middleware (~> 0.9, >= 0.9.1)
      gh (~> 0.13)
      highline (~> 1.6)
      launchy (~> 2.1)
      pry (~> 0.9, < 0.10)
      pusher-client (~> 0.4)
      typhoeus (~> 0.6, >= 0.6.8)
    typhoeus (0.6.9)
      ethon (>= 0.7.1)
    tzinfo (1.2.2)
      thread_safe (~> 0.1)
    uglifier (2.5.3)
      execjs (>= 0.3.0)
      json (>= 1.8.0)
    websocket (1.2.1)
    yajl-ruby (1.1.0)

PLATFORMS
  ruby
  x64-mingw32

DEPENDENCIES
  github-pages (~> 29)
  octopress-genesis-theme!
  travis (~> 1.7)
