GIT
  remote: https://github.com/mdotasia/mdotasia-theme.git
  revision: dd010dbdb61cba951caf72c715522984a8835639
  branch: master
  specs:
    mdotasia-theme (0.0.1)
      jekyll (~> 3.0.0.pre.beta6)
      jekyll-sitemap (~> 0.8.1)
      octopress-comment-tag (~> 1.0.1)
      octopress-ink (~> 1.1.4)

GEM
  remote: https://rubygems.org/
  specs:
    addressable (2.3.8)
    autoprefixer-rails (2.2.0.20140804)
      execjs
    byebug (4.0.5)
      columnize (= 0.9.0)
    celluloid (0.16.0)
      timers (~> 4.0.0)
    coderay (1.1.0)
    colorator (0.1)
    colored (1.2)
    columnize (0.9.0)
    ethon (0.7.3)
      ffi (>= 1.3.0)
    execjs (2.5.2)
    ffi (1.9.8)
    ffi (1.9.8-x64-mingw32)
    hitimes (1.2.2)
    html-proofer (2.2.0)
      addressable (~> 2.3)
      colored (~> 1.2)
      mercenary (~> 0.3.2)
      nokogiri (~> 1.5)
      parallel (~> 1.3)
      typhoeus (~> 0.7)
      yell (~> 2.0)
    jekyll (3.0.0.pre.beta6)
      colorator (~> 0.1)
      jekyll-sass-converter (~> 1.0)
      jekyll-watch (~> 1.1)
      kramdown (~> 1.3)
      liquid (~> 3.0)
      mercenary (~> 0.3.3)
      rouge (~> 1.7)
      safe_yaml (~> 1.0)
    jekyll-sass-converter (1.3.0)
      sass (~> 3.2)
    jekyll-sitemap (0.8.1)
    jekyll-watch (1.2.1)
      listen (~> 2.7)
    json (1.8.3)
    kramdown (1.7.0)
    liquid (3.0.3)
    listen (2.10.0)
      celluloid (~> 0.16.0)
      rb-fsevent (>= 0.9.3)
      rb-inotify (>= 0.9)
    mercenary (0.3.5)
    method_source (0.8.2)
    mini_portile (0.6.2)
    nokogiri (1.6.6.2)
      mini_portile (~> 0.6.0)
    nokogiri (1.6.6.2-x64-mingw32)
      mini_portile (~> 0.6.0)
    octopress (3.0.7)
      jekyll (>= 2.0)
      mercenary (~> 0.3.2)
      octopress-deploy
      octopress-escape-code (~> 2.0)
      octopress-hooks (~> 2.0)
      redcarpet (~> 3.0)
      titlecase
    octopress-autoprefixer (1.0.1)
      autoprefixer-rails (~> 2.2)
      jekyll (>= 2.0)
      octopress-hooks (~> 2.0)
    octopress-comment-tag (1.0.1)
      jekyll
    octopress-date-format (3.0.3)
      jekyll (>= 2.0)
    octopress-debugger (1.0.2)
      jekyll
      pry-byebug
    octopress-deploy (1.2.4)
      colorator
    octopress-escape-code (2.0.6)
      octopress-hooks (~> 2.0)
    octopress-filters (1.3.3)
      jekyll
      octopress-hooks (~> 2.0)
      rubypants-unicode
      titlecase
    octopress-hooks (2.6.1)
      jekyll (>= 2.0)
    octopress-include-tag (1.1.3)
      jekyll (>= 2.0)
      octopress-tag-helpers (~> 1.0)
    octopress-ink (1.1.4)
      jekyll (>= 2.0)
      octopress (~> 3.0)
      octopress-autoprefixer
      octopress-date-format
      octopress-filters (~> 1.1)
      octopress-hooks (~> 2.2)
      octopress-include-tag (~> 1.0)
      uglifier (~> 2.5)
    octopress-tag-helpers (1.0.8)
      jekyll (>= 2.0)
    parallel (1.6.0)
    pry (0.10.1)
      coderay (~> 1.1.0)
      method_source (~> 0.8.1)
      slop (~> 3.4)
    pry (0.10.1-x64-mingw32)
      coderay (~> 1.1.0)
      method_source (~> 0.8.1)
      slop (~> 3.4)
      win32console (~> 1.3)
    pry-byebug (3.1.0)
      byebug (~> 4.0)
      pry (~> 0.10)
    pry-doc (0.8.0)
      pry (~> 0.9)
      yard (~> 0.8)
    rake (10.4.2)
    rb-fsevent (0.9.5)
    rb-inotify (0.9.5)
      ffi (>= 0.5.0)
    redcarpet (3.3.1)
    rouge (1.9.0)
    rubypants-unicode (0.2.5)
    safe_yaml (1.0.4)
    sass (3.4.14)
    slop (3.6.0)
    timers (4.0.1)
      hitimes
    titlecase (0.1.1)
    typhoeus (0.7.1)
      ethon (>= 0.7.1)
    uglifier (2.7.1)
      execjs (>= 0.3.0)
      json (>= 1.8.0)
    win32console (1.3.2)
    yard (0.8.7.6)
    yell (2.0.5)

PLATFORMS
  ruby
  x64-mingw32

DEPENDENCIES
  html-proofer
  mdotasia-theme!
  octopress-debugger
  pry-byebug
  pry-doc
  rake
